GEM
  remote: http://rubygems.org/
  specs:
    addressable (2.3.8)
    chartkick (1.4.1)
    dotenv (2.1.0)
    faraday (0.9.2)
      multipart-post (>= 1.2, < 3)
    faraday-http-cache (1.2.2)
      faraday (~> 0.8)
    ghuls-lib (2.3.1)
      faraday-http-cache (>= 1.2.2)
      net-http-persistent (>= 2.9.4)
      octokit (>= 4.2.0)
      string-utility (>= 2.6.1)
    github-calendar (1.0.0)
      nokogiri (>= 1.6.6.2)
      string-utility (>= 2.5.0)
    mini_portile2 (2.0.0)
    multipart-post (2.0.0)
    net-http-persistent (2.9.4)
    nokogiri (1.6.7.2)
      mini_portile2 (~> 2.0.0.rc2)
    octokit (4.2.0)
      sawyer (~> 0.6.0, >= 0.5.3)
    puma (2.15.3)
    rack (1.6.4)
    rack-protection (1.5.3)
      rack
    sawyer (0.6.0)
      addressable (~> 2.3.5)
      faraday (~> 0.8, < 0.10)
    sinatra (1.4.7)
      rack (~> 1.5)
      rack-protection (~> 1.4)
      tilt (>= 1.3, < 3)
    string-utility (2.6.1)
    tilt (2.0.2)

PLATFORMS
  ruby

DEPENDENCIES
  chartkick (>= 1.4.1)
  dotenv (>= 2.1.0)
  ghuls-lib (>= 2.3.1)
  github-calendar (>= 1.0.0)
  puma (>= 2.15.3)
  sinatra (>= 1.4.7)
  string-utility (>= 2.6.1)

BUNDLED WITH
   1.11.2
