GEM
  remote: http://rubygems.org/
  specs:
    addressable (2.4.0)
    chartkick (1.5.2)
    curb (0.9.3)
    dotenv (2.1.1)
    faraday (0.9.2)
      multipart-post (>= 1.2, < 3)
    faraday-http-cache (1.3.0)
      faraday (~> 0.8)
    ghuls-lib (3.0.2)
      faraday-http-cache (~> 1.3)
      net-http-persistent (~> 2.9)
      octokit (~> 4.3)
      string-utility (~> 2.7)
    github-calendar (1.2.1)
      curb (~> 0.9)
      nokogiri (~> 1.6.7)
      string-utility (~> 2.7)
    mini_portile2 (2.0.0)
    multipart-post (2.0.0)
    net-http-persistent (2.9.4)
    nokogiri (1.6.7.2)
      mini_portile2 (~> 2.0.0.rc2)
    octokit (4.3.0)
      sawyer (~> 0.7.0, >= 0.5.3)
    puma (3.4.0)
    rack (1.6.4)
    rack-protection (1.5.3)
      rack
    sawyer (0.7.0)
      addressable (>= 2.3.5, < 2.5)
      faraday (~> 0.8, < 0.10)
    sinatra (1.4.7)
      rack (~> 1.5)
      rack-protection (~> 1.4)
      tilt (>= 1.3, < 3)
    string-utility (2.7.2)
    tilt (2.0.2)

PLATFORMS
  ruby

DEPENDENCIES
  chartkick (~> 1.5)
  dotenv (~> 2.1)
  ghuls-lib (~> 3.0)
  github-calendar (~> 1.2)
  puma (~> 3.4)
  sinatra (~> 1.4)
  string-utility (~> 2.7)

BUNDLED WITH
   1.11.2
