GEM
  remote: http://rubygems.org/
  specs:
    addressable (2.3.8)
    chartkick (1.4.1)
    faraday (0.9.2)
      multipart-post (>= 1.2, < 3)
    ghuls-lib (1.1.3)
      octokit (>= 4.0.1)
      string-utility (>= 2.5.0)
    multipart-post (2.0.0)
    octokit (4.1.1)
      sawyer (~> 0.6.0, >= 0.5.3)
    rack (1.6.4)
    rack-protection (1.5.3)
      rack
    sawyer (0.6.0)
      addressable (~> 2.3.5)
      faraday (~> 0.8, < 0.10)
    sinatra (1.4.6)
      rack (~> 1.4)
      rack-protection (~> 1.4)
      tilt (>= 1.3, < 3)
    string-utility (2.5.1)
    tilt (2.0.1)

PLATFORMS
  ruby

DEPENDENCIES
  chartkick (>= 1.3.2)
  ghuls-lib (>= 1.1.3)
  octokit (>= 4.0.1)
  sinatra (>= 1.4.6)
  string-utility (>= 2.5.0)

BUNDLED WITH
   1.10.6
